GEM
  remote: https://rubygems.org/
  specs:
    ansi (1.5.0)
    builder (3.2.3)
    docker-api (1.34.1)
      excon (>= 0.47.0)
      multi_json
    excon (0.60.0)
    metaclass (0.0.4)
    minitest (5.11.3)
    minitest-reporters (1.1.19)
      ansi
      builder
      minitest (>= 5.0)
      ruby-progressbar
    mocha (1.3.0)
      metaclass (~> 0.0.1)
    multi_json (1.13.1)
    nokogiri (1.8.2)
    ruby-progressbar (1.9.0)

PLATFORMS
  ruby

DEPENDENCIES
  docker-api
  minitest
  minitest-reporters
  mocha
  nokogiri

BUNDLED WITH
   1.15.4
